GEM
  remote: https://rubygems.org/
  specs:
    capistrano (3.4.0)
      i18n
      rake (>= 10.0.0)
      sshkit (~> 1.3)
    capistrano-bundler (1.1.4)
      capistrano (~> 3.1)
      sshkit (~> 1.2)
    capistrano-rbenv (2.0.4)
      capistrano (~> 3.1)
      sshkit (~> 1.3)
    faker (1.6.3)
      i18n (~> 0.5)
    faker-fantasy (0.1.0)
      faker (~> 1.6.0)
    i18n (0.7.0)
    net-scp (1.2.1)
      net-ssh (>= 2.6.5)
    net-ssh (3.0.2)
    puma (3.2.0)
    rack (1.6.4)
    rake (11.1.1)
    roda (2.12.0)
      rack
    sass (3.4.21)
    shotgun (0.9.1)
      rack (>= 1.0)
    sshkit (1.9.0)
      net-scp (>= 1.1.2)
      net-ssh (>= 2.8.0)
    tilt (2.0.2)

PLATFORMS
  ruby

DEPENDENCIES
  capistrano
  capistrano-bundler
  capistrano-rbenv
  faker-fantasy
  puma
  roda
  sass
  shotgun
  tilt

BUNDLED WITH
   1.11.2
