GEM
  remote: https://rubygems.org/
  specs:
    capistrano (3.4.0)
      i18n
      rake (>= 10.0.0)
      sshkit (~> 1.3)
    capistrano-bundler (1.1.4)
      capistrano (~> 3.1)
      sshkit (~> 1.2)
    capistrano-rbenv (2.0.3)
      capistrano (~> 3.1)
      sshkit (~> 1.3)
    colorize (0.7.7)
    faker (1.6.3)
      i18n (~> 0.5)
    faker-fantasy (0.1.0)
      faker (~> 1.6.0)
    i18n (0.7.0)
    kgio (2.10.0)
    net-scp (1.2.1)
      net-ssh (>= 2.6.5)
    net-ssh (3.0.1)
    rack (1.6.4)
    raindrops (0.16.0)
    rake (10.5.0)
    roda (2.11.0)
      rack
    shotgun (0.9.1)
      rack (>= 1.0)
    sshkit (1.7.1)
      colorize (>= 0.7.0)
      net-scp (>= 1.1.2)
      net-ssh (>= 2.8.0)
    tilt (2.0.2)
    unicorn (5.0.1)
      kgio (~> 2.6)
      rack
      raindrops (~> 0.7)

PLATFORMS
  ruby

DEPENDENCIES
  capistrano
  capistrano-bundler
  capistrano-rbenv
  faker-fantasy
  roda
  shotgun
  tilt
  unicorn

BUNDLED WITH
   1.11.2
