GEM
  remote: https://rubygems.org/
  specs:
    faker (1.6.3)
      i18n (~> 0.5)
    faker-fantasy (0.1.0)
      faker (~> 1.6.0)
    i18n (0.7.0)
    puma (3.1.0)
    rack (1.6.4)
    roda (2.11.0)
      rack
    shotgun (0.9.1)
      rack (>= 1.0)
    tilt (2.0.2)

PLATFORMS
  ruby

DEPENDENCIES
  faker-fantasy
  puma
  roda
  shotgun
  tilt

BUNDLED WITH
   1.11.2
